GEM
  remote: http://rubygems.org/
  specs:
    awesome_print (1.1.0)
    coderay (1.0.7)
    diff-lcs (1.1.3)
    method_source (0.8)
    pry (0.9.10)
      coderay (~> 1.0.5)
      method_source (~> 0.8)
      slop (~> 3.3.1)
    pry-doc (0.4.4)
      pry (>= 0.9.9.6)
      yard (~> 0.8.1)
    rspec (2.11.0)
      rspec-core (~> 2.11.0)
      rspec-expectations (~> 2.11.0)
      rspec-mocks (~> 2.11.0)
    rspec-core (2.11.1)
    rspec-expectations (2.11.3)
      diff-lcs (~> 1.1.3)
    rspec-fire (1.1.3)
      rspec (~> 2.11)
    rspec-given (2.0.0)
      rspec (> 1.2.8)
    rspec-mocks (2.11.3)
    slop (3.3.3)
    yard (0.8.2.1)

PLATFORMS
  ruby

DEPENDENCIES
  awesome_print
  pry
  pry-doc
  rspec
  rspec-fire
  rspec-given
